PATH
  remote: ..
  specs:
    motion-kit (0.0.5)
      ProMotion
      bubble-wrap
      cocoapods-core
      ib
      motion-bundler
      motion-cocoapods
      motion-logger
      motion-require

GEM
  remote: https://rubygems.org/
  specs:
    ProMotion (2.0.1)
      methadone (~> 1.4)
    activesupport (3.2.19)
      i18n (~> 0.6, >= 0.6.4)
      multi_json (~> 1.0)
    bubble-wrap (1.7.1)
      bubble-wrap-http (= 1.7.1)
    bubble-wrap-http (1.7.1)
    claide (0.6.1)
    cocoapods (0.33.1)
      activesupport (>= 3.2.15, < 4)
      claide (~> 0.6.1)
      cocoapods-core (= 0.33.1)
      cocoapods-downloader (~> 0.6.1)
      cocoapods-plugins (~> 0.2.0)
      cocoapods-trunk (~> 0.1.1)
      cocoapods-try (~> 0.3.0)
      colored (~> 1.2)
      escape (~> 0.0.4)
      json_pure (~> 1.8)
      nap (~> 0.7)
      open4 (~> 1.3)
      xcodeproj (~> 0.17.0)
    cocoapods-core (0.33.1)
      activesupport (>= 3.2.15)
      fuzzy_match (~> 2.0.4)
      json_pure (~> 1.8)
      nap (~> 0.5)
    cocoapods-downloader (0.6.1)
    cocoapods-plugins (0.2.0)
      nap
    cocoapods-trunk (0.1.4)
      json_pure (~> 1.8)
      nap (>= 0.6)
      netrc
    cocoapods-try (0.3.0)
    coderay (1.1.0)
    colored (1.2)
    escape (0.0.4)
    ffi (1.9.3)
    formatador (0.2.5)
    fuzzy_match (2.0.4)
    guard (1.8.3)
      formatador (>= 0.2.4)
      listen (~> 1.3)
      lumberjack (>= 1.0.2)
      pry (>= 0.9.10)
      thor (>= 0.14.6)
    guard-motion (0.1.2)
      guard (>= 1.1.0)
      rake (>= 0.9)
    i18n (0.6.11)
    ib (0.6.0)
      thor (~> 0.15.4)
      tilt (~> 1.4.1)
      xcodeproj (~> 0.17)
    json_pure (1.8.1)
    listen (1.3.1)
      rb-fsevent (>= 0.9.3)
      rb-inotify (>= 0.9)
      rb-kqueue (>= 0.2)
    lumberjack (1.0.9)
    methadone (1.7.0)
      bundler
    method_source (0.8.2)
    motion-bundler (0.2.1)
      thor
    motion-cocoapods (1.5.0)
      cocoapods (>= 0.32.1)
    motion-logger (0.1.3)
      motion-cocoapods (>= 1.1.0)
    motion-require (0.2.0)
    multi_json (1.10.1)
    nap (0.8.0)
    netrc (0.7.7)
    open4 (1.3.4)
    pry (0.10.1)
      coderay (~> 1.1.0)
      method_source (~> 0.8.1)
      slop (~> 3.4)
    rake (10.3.2)
    rb-fsevent (0.9.4)
    rb-inotify (0.9.5)
      ffi (>= 0.5.0)
    rb-kqueue (0.2.3)
      ffi (>= 0.5.0)
    slop (3.6.0)
    thor (0.15.4)
    tilt (1.4.1)
    xcodeproj (0.17.0)
      activesupport (~> 3.0)
      colored (~> 1.2)

PLATFORMS
  ruby

DEPENDENCIES
  bubble-wrap
  guard-motion
  ib
  motion-kit!
  motion-logger
  motion-require
  rake
