GIT
  remote: https://github.com/clearsightstudio/ProMotion
  revision: 2e183002a724703dc6e2c330759aecc5920933d6
  branch: master
  specs:
    ProMotion (1.2.0)
      methadone (~> 1.3)
      motion-require (~> 0.2)

PATH
  remote: .
  specs:
    motion-kit (0.0.5)
      ProMotion
      bubble-wrap
      cocoapods-core
      ib
      motion-bundler
      motion-cocoapods
      motion-logger
      motion-require

GEM
  remote: https://rubygems.org/
  specs:
    activemodel (3.2.18)
      activesupport (= 3.2.18)
      builder (~> 3.0.0)
    activesupport (3.2.18)
      i18n (~> 0.6, >= 0.6.4)
      multi_json (~> 1.0)
    awesome_print (1.2.0)
    bubble-wrap (1.4.0)
    builder (3.0.4)
    claide (0.5.0)
    cocoapods (0.32.1)
      activesupport (>= 3.2.15, < 4)
      claide (~> 0.5.0)
      cocoapods-core (= 0.32.1)
      cocoapods-downloader (~> 0.5.0)
      cocoapods-try (~> 0.2.0)
      colored (~> 1.2)
      escape (~> 0.0.4)
      json_pure (~> 1.8)
      nap (~> 0.7)
      open4 (~> 1.3)
      xcodeproj (~> 0.16.1)
    cocoapods-core (0.32.1)
      activesupport (>= 3.2.15, < 4)
      fuzzy_match (~> 2.0.4)
      json_pure (~> 1.8)
      nap (~> 0.5)
    cocoapods-downloader (0.5.0)
    cocoapods-try (0.2.0)
    colored (1.2)
    diff-lcs (1.2.5)
    docile (1.1.3)
    escape (0.0.4)
    fuzzy_match (2.0.4)
    hockeyapp (0.0.15)
      activemodel
      awesome_print
      httmultiparty
      multi_json
      rake
      rspec
      simplecov
    hockeyapp-config (0.1)
      hockeyapp
    httmultiparty (0.3.14)
      httparty (>= 0.7.3)
      mimemagic
      multipart-post
    httparty (0.13.1)
      json (~> 1.8)
      multi_xml (>= 0.5.2)
    i18n (0.6.9)
    ib (0.4.7)
      thor (~> 0.15.4)
      tilt (~> 1.4.1)
      xcodeproj (~> 0.16.0)
    json (1.8.1)
    json_pure (1.8.1)
    methadone (1.4.0)
      bundler
    mimemagic (0.2.1)
    motion-bundler (0.2.1)
      thor
    motion-cocoapods (1.5.0)
      cocoapods (>= 0.32.1)
    motion-fileutils (0.1.1)
    motion-hockeyrink (0.2.2)
      hockeyapp-config
    motion-live (0.1)
      colored (~> 1.2)
      rb-fsevent (~> 0.9.1)
    motion-logger (0.1.3)
      motion-cocoapods (>= 1.1.0)
    motion-require (0.2.0)
    multi_json (1.10.1)
    multi_xml (0.5.5)
    multipart-post (2.0.0)
    nap (0.8.0)
    open4 (1.3.4)
    rake (10.3.2)
    rb-fsevent (0.9.4)
    rspec (3.0.0)
      rspec-core (~> 3.0.0)
      rspec-expectations (~> 3.0.0)
      rspec-mocks (~> 3.0.0)
    rspec-core (3.0.0)
      rspec-support (~> 3.0.0)
    rspec-expectations (3.0.0)
      diff-lcs (>= 1.2.0, < 2.0)
      rspec-support (~> 3.0.0)
    rspec-mocks (3.0.0)
      rspec-support (~> 3.0.0)
    rspec-support (3.0.0)
    simplecov (0.8.2)
      docile (~> 1.1.0)
      multi_json
      simplecov-html (~> 0.8.0)
    simplecov-html (0.8.0)
    sugarcube (1.6.2)
    thor (0.15.4)
    tilt (1.4.1)
    xcodeproj (0.16.1)
      activesupport (~> 3.0)
      colored (~> 1.2)

PLATFORMS
  ruby

DEPENDENCIES
  ProMotion!
  bubble-wrap (~> 1.4.0)
  cocoapods-core
  ib (~> 0.4.0)
  motion-bundler
  motion-cocoapods
  motion-fileutils
  motion-hockeyrink
  motion-kit!
  motion-live
  motion-logger
  motion-require
  rake
  sugarcube
