PATH
  remote: ../bblmotionkit
  specs:
    bblmotionkit (0.0.5)
      bubble-wrap
      motion-bundler

GEM
  remote: https://rubygems.org/
  specs:
    activesupport (3.2.14)
      i18n (~> 0.6, >= 0.6.4)
      multi_json (~> 1.0)
    bubble-wrap (1.3.0)
    colored (1.2)
    i18n (0.6.5)
    ib (0.3.1)
      thor (>= 0.15.4)
      xcodeproj (>= 0.4.1)
    motion-bundler (0.2.1)
      thor
    motion-require (0.0.7)
    multi_json (1.7.9)
    thor (0.18.1)
    xcodeproj (0.9.0)
      activesupport (~> 3.2.13)
      colored (~> 1.2)

PLATFORMS
  ruby

DEPENDENCIES
  bblmotionkit!
  bubble-wrap
  ib
  motion-bundler
  motion-require
