PATH
  remote: .
  specs:
    motion-kit (0.0.5)
      ProMotion
      bubble-wrap
      cocoapods-core
      ib
      motion-bundler
      motion-cocoapods
      motion-logger
      motion-require

GEM
  remote: https://rubygems.org/
  specs:
    ProMotion (1.2.1)
      methadone (~> 1.3)
      motion-require (~> 0.2)
    activesupport (3.2.19)
      i18n (~> 0.6, >= 0.6.4)
      multi_json (~> 1.0)
    bubble-wrap (1.7.1)
      bubble-wrap-http (= 1.7.1)
    bubble-wrap-http (1.7.1)
    claide (0.6.1)
    cocoapods (0.33.1)
      activesupport (>= 3.2.15, < 4)
      claide (~> 0.6.1)
      cocoapods-core (= 0.33.1)
      cocoapods-downloader (~> 0.6.1)
      cocoapods-plugins (~> 0.2.0)
      cocoapods-trunk (~> 0.1.1)
      cocoapods-try (~> 0.3.0)
      colored (~> 1.2)
      escape (~> 0.0.4)
      json_pure (~> 1.8)
      nap (~> 0.7)
      open4 (~> 1.3)
      xcodeproj (~> 0.17.0)
    cocoapods-core (0.33.1)
      activesupport (>= 3.2.15)
      fuzzy_match (~> 2.0.4)
      json_pure (~> 1.8)
      nap (~> 0.5)
    cocoapods-downloader (0.6.1)
    cocoapods-plugins (0.2.0)
      nap
    cocoapods-trunk (0.1.4)
      json_pure (~> 1.8)
      nap (>= 0.6)
      netrc
    cocoapods-try (0.3.0)
    colored (1.2)
    escape (0.0.4)
    fuzzy_match (2.0.4)
    i18n (0.6.11)
    ib (0.6.0)
      thor (~> 0.15.4)
      tilt (~> 1.4.1)
      xcodeproj (~> 0.17)
    json_pure (1.8.1)
    methadone (1.7.0)
      bundler
    motion-bundler (0.2.1)
      thor
    motion-cocoapods (1.5.0)
      cocoapods (>= 0.32.1)
    motion-fileutils (0.1.1)
    motion-live (0.1)
      colored (~> 1.2)
      rb-fsevent (~> 0.9.1)
    motion-logger (0.1.3)
      motion-cocoapods (>= 1.1.0)
    motion-require (0.2.0)
    multi_json (1.10.1)
    nap (0.8.0)
    netrc (0.7.7)
    open4 (1.3.4)
    rake (10.3.2)
    rb-fsevent (0.9.4)
    sugarcube (2.1.2)
    thor (0.15.4)
    tilt (1.4.1)
    xcodeproj (0.17.0)
      activesupport (~> 3.0)
      colored (~> 1.2)

PLATFORMS
  ruby

DEPENDENCIES
  ProMotion (~> 1.2.0)
  bubble-wrap
  ib
  motion-bundler
  motion-fileutils
  motion-kit!
  motion-live
  motion-logger
  motion-require
  rake
  sugarcube
