PATH
  remote: ./motion-kit
  specs:
    motion-kit (0.0.5)
      ProMotion
      bubble-wrap
      cocoapods-core
      ib
      motion-bundler
      motion-cocoapods
      motion-logger
      motion-require

GEM
  remote: https://rubygems.org/
  specs:
    ProMotion (1.1.2)
      methadone
    aasm (3.1.1)
    activesupport (3.2.18)
      i18n (~> 0.6, >= 0.6.4)
      multi_json (~> 1.0)
    blockenspiel (0.4.5)
    bubble-wrap (1.4.0)
    celluloid (0.15.2)
      timers (~> 1.1.0)
    chunky_png (1.2.9)
    claide (0.5.0)
    cocoapods (0.32.1)
      activesupport (>= 3.2.15, < 4)
      claide (~> 0.5.0)
      cocoapods-core (= 0.32.1)
      cocoapods-downloader (~> 0.5.0)
      cocoapods-try (~> 0.2.0)
      colored (~> 1.2)
      escape (~> 0.0.4)
      json_pure (~> 1.8)
      nap (~> 0.7)
      open4 (~> 1.3)
      xcodeproj (~> 0.16.1)
    cocoapods-core (0.32.1)
      activesupport (>= 3.2.15, < 4)
      fuzzy_match (~> 2.0.4)
      json_pure (~> 1.8)
      nap (~> 0.5)
    cocoapods-downloader (0.5.0)
    cocoapods-try (0.2.0)
    coderay (1.1.0)
    colored (1.2)
    compass (0.12.2)
      chunky_png (~> 1.2)
      fssm (>= 0.2.7)
      sass (~> 3.1)
    escape (0.0.4)
    ffi (1.9.3)
    formatador (0.2.5)
    fssm (0.2.10)
    fuzzy_match (2.0.4)
    guard (2.6.1)
      formatador (>= 0.2.4)
      listen (~> 2.7)
      lumberjack (~> 1.0)
      pry (>= 0.9.12)
      thor (>= 0.18.1)
    guard-shell (0.6.1)
      guard (>= 1.1.0)
    i18n (0.6.9)
    ib (0.4.4)
      thor (>= 0.15.4)
      tilt (>= 1.4.1)
      xcodeproj (>= 0.11.1)
    json_pure (1.8.1)
    listen (2.7.7)
      celluloid (>= 0.15.2)
      rb-fsevent (>= 0.9.3)
      rb-inotify (>= 0.9)
    lumberjack (1.0.6)
    methadone (1.4.0)
      bundler
    method_source (0.8.2)
    motion-benchmark (0.0.1)
    motion-bundler (0.2.1)
      thor
    motion-cocoapods (1.4.1)
      cocoapods (>= 0.32.1)
    motion-logger (0.1.3)
      motion-cocoapods (>= 1.1.0)
    motion-require (0.1.0)
    motion-yaml (1.2)
    motion_data_wrapper (0.0.7)
      bubble-wrap
    multi_json (1.10.1)
    nap (0.8.0)
    open4 (1.3.3)
    pry (0.10.0)
      coderay (~> 1.1.0)
      method_source (~> 0.8.1)
      slop (~> 3.4)
    rake (10.3.2)
    rb-fsevent (0.9.4)
    rb-inotify (0.9.5)
      ffi (>= 0.5.0)
    sass (3.2.14)
    slim (2.0.2)
      temple (~> 0.6.6)
      tilt (>= 1.3.3, < 2.1)
    slop (3.5.0)
    temple (0.6.7)
    thor (0.19.1)
    tilt (2.0.1)
    timers (1.1.0)
    versionomy (0.4.4)
      blockenspiel (>= 0.4.5)
    xcodeproj (0.16.1)
      activesupport (~> 3.0)
      colored (~> 1.2)

PLATFORMS
  ruby

DEPENDENCIES
  aasm
  bubble-wrap
  cocoapods-core
  compass
  guard
  guard-shell
  ib
  motion-benchmark
  motion-bundler
  motion-cocoapods
  motion-kit!
  motion-logger
  motion-require
  motion-yaml
  motion_data_wrapper
  rake
  slim
  versionomy
