GEM
  remote: https://rubygems.org/
  specs:
    activesupport (3.2.13)
      i18n (= 0.6.1)
      multi_json (~> 1.0)
    bubble-wrap (1.1.5)
    colored (1.2)
    formotion (1.2)
      bubble-wrap (>= 1.1.4)
    i18n (0.6.1)
    ib (0.2.10)
      thor (>= 0.15.4)
      xcodeproj (>= 0.4.1)
    multi_json (1.7.2)
    thor (0.17.0)
    xcodeproj (0.5.2)
      activesupport (~> 3.2.6)
      colored (~> 1.2)

PLATFORMS
  ruby

DEPENDENCIES
  formotion
  ib
