PATH
  remote: ../bblmotionkit
  specs:
    bblmotionkit (0.0.5)
      bubble-wrap

GEM
  remote: https://rubygems.org/
  specs:
    bubble-wrap (1.3.0)

PLATFORMS
  ruby

DEPENDENCIES
  bblmotionkit!
