PATH
  remote: .
  specs:
    bblmotionkit (0.0.5)
      bubble-wrap
      motion-bundler

GEM
  remote: https://rubygems.org/
  specs:
    activemodel (3.2.17)
      activesupport (= 3.2.17)
      builder (~> 3.0.0)
    activesupport (3.2.17)
      i18n (~> 0.6, >= 0.6.4)
      multi_json (~> 1.0)
    awesome_print (1.2.0)
    bubble-wrap (1.4.0)
    builder (3.0.4)
    claide (0.4.0)
    cocoapods (0.29.0)
      activesupport (>= 3.2.15, < 4)
      claide (~> 0.4.0)
      cocoapods-core (= 0.29.0)
      cocoapods-downloader (~> 0.3.0)
      cocoapods-try-release-fix (~> 0.1.1)
      colored (~> 1.2)
      escape (~> 0.0.4)
      json_pure (~> 1.8)
      nap (~> 0.5)
      open4 (~> 1.3)
      xcodeproj (~> 0.14.1)
    cocoapods-core (0.29.0)
      activesupport (>= 3.2.15, < 4)
      fuzzy_match (~> 2.0.4)
      json_pure (~> 1.8)
      nap (~> 0.5)
    cocoapods-downloader (0.3.0)
    cocoapods-try-release-fix (0.1.2)
    colored (1.2)
    diff-lcs (1.2.5)
    docile (1.1.3)
    escape (0.0.4)
    fuzzy_match (2.0.4)
    hockeyapp (0.0.15)
      activemodel
      awesome_print
      httmultiparty
      multi_json
      rake
      rspec
      simplecov
    hockeyapp-config (0.1)
      hockeyapp
    httmultiparty (0.3.12)
      httparty (>= 0.7.3)
      mimemagic
      multipart-post
    httparty (0.13.0)
      json (~> 1.8)
      multi_xml (>= 0.5.2)
    i18n (0.6.9)
    ib (0.4.3)
      thor (>= 0.15.4)
      tilt (>= 1.4.1)
      xcodeproj (>= 0.11.1)
    json (1.8.1)
    json_pure (1.8.1)
    mimemagic (0.2.1)
    motion-bundler (0.2.1)
      thor
    motion-cocoapods (1.4.0)
      cocoapods (>= 0.26.2)
    motion-hockeyrink (0.2.2)
      hockeyapp-config
    motion-live (0.1)
      colored (~> 1.2)
      rb-fsevent (~> 0.9.1)
    motion-logger (0.1.3)
      motion-cocoapods (>= 1.1.0)
    motion-require (0.1.1)
    multi_json (1.8.4)
    multi_xml (0.5.5)
    multipart-post (2.0.0)
    nap (0.6.0)
    open4 (1.3.2)
    rake (10.1.1)
    rb-fsevent (0.9.4)
    rspec (2.14.1)
      rspec-core (~> 2.14.0)
      rspec-expectations (~> 2.14.0)
      rspec-mocks (~> 2.14.0)
    rspec-core (2.14.8)
    rspec-expectations (2.14.5)
      diff-lcs (>= 1.1.3, < 2.0)
    rspec-mocks (2.14.6)
    simplecov (0.8.2)
      docile (~> 1.1.0)
      multi_json
      simplecov-html (~> 0.8.0)
    simplecov-html (0.8.0)
    sugarcube (1.5.0)
    thor (0.18.1)
    tilt (2.0.0)
    xcodeproj (0.14.1)
      activesupport (~> 3.0)
      colored (~> 1.2)
      rake

PLATFORMS
  ruby

DEPENDENCIES
  bblmotionkit!
  bubble-wrap (~> 1.4.0)
  cocoapods-core
  ib
  motion-bundler
  motion-cocoapods
  motion-hockeyrink
  motion-live
  motion-logger
  motion-require
  sugarcube
